GEM
  remote: https://rubygems.org/
  specs:
    cgi (0.3.1)
    erb (2.2.3)
      cgi
    rack (2.2.3)
    webrick (1.7.0)

PLATFORMS
  x64-mingw32

DEPENDENCIES
  erb (= 2.2.3)
  rack (~> 2.2.3)
  webrick (~> 1.7.0)

BUNDLED WITH
   2.2.22
